GEM
  remote: http://rubygems.org/
  specs:
    faraday (0.15.4)
      multipart-post (>= 1.2, < 3)
    multipart-post (2.1.1)

PLATFORMS
  x64-mingw32

DEPENDENCIES
  faraday

BUNDLED WITH
   1.15.4
